PATH
  remote: .
  specs:
    omelettes (0.1.0)
      activerecord (~> 3.0)
      faker (~> 0.9.5)

GEM
  remote: http://rubygems.org/
  specs:
    activemodel (3.0.5)
      activesupport (= 3.0.5)
      builder (~> 2.1.2)
      i18n (~> 0.4)
    activerecord (3.0.5)
      activemodel (= 3.0.5)
      activesupport (= 3.0.5)
      arel (~> 2.0.2)
      tzinfo (~> 0.3.23)
    activesupport (3.0.5)
    arel (2.0.10)
    builder (2.1.2)
    diff-lcs (1.1.2)
    faker (0.9.5)
      i18n (~> 0.4)
    i18n (0.6.0)
    rspec (2.1.0)
      rspec-core (~> 2.1.0)
      rspec-expectations (~> 2.1.0)
      rspec-mocks (~> 2.1.0)
    rspec-core (2.1.0)
    rspec-expectations (2.1.0)
      diff-lcs (~> 1.1.2)
    rspec-mocks (2.1.0)
    tzinfo (0.3.29)

PLATFORMS
  ruby

DEPENDENCIES
  omelettes!
  rspec (~> 2.1.0)
